GEM
  remote: http://rubygems.org/
  specs:
    ansi (1.3.0)
    metaclass (0.0.1)
    mocha (0.10.0)
      metaclass (~> 0.0.1)
    rake (0.9.2)
    rdoc (3.9.4)
    sqlite3 (1.3.4)
    turn (0.8.3)
      ansi

PLATFORMS
  ruby

DEPENDENCIES
  mocha
  rake
  rdoc
  sqlite3
  turn
